GEM
  remote: https://rubygems.org/
  specs:
    chunky_png (1.3.0)
    compass (0.11.7)
      chunky_png (~> 1.2)
      fssm (>= 0.2.7)
      sass (~> 3.1)
    fssm (0.2.10)
    haml (3.1.7)
    rack (1.5.2)
    sass (3.2.14)
    staticmatic (0.11.1)
      compass (>= 0.10.0)
      haml (>= 2.0.0)
      rack (>= 1.0)

PLATFORMS
  ruby

DEPENDENCIES
  chunky_png (= 1.3.0)
  compass (= 0.11.7)
  haml (= 3.1.7)
  sass (= 3.2.14)
  staticmatic (= 0.11.1)
